GEM
  remote: https://rubygems.org/
  specs:
    azure-core (0.1.14)
      faraday (~> 0.9)
      faraday_middleware (~> 0.10)
      nokogiri (~> 1.6)
    azure-storage (0.14.0.preview)
      azure-core (~> 0.1)
      faraday (~> 0.9)
      faraday_middleware (~> 0.10)
      nokogiri (~> 1.6, >= 1.6.8)
    azure_cognitiveservices_computervision (0.16.0)
      ms_rest_azure (~> 0.10.0)
    azure_cognitiveservices_contentmoderator (0.16.0)
      ms_rest_azure (~> 0.10.0)
    azure_cognitiveservices_customsearch (0.16.0)
      ms_rest_azure (~> 0.10.0)
    azure_cognitiveservices_entitysearch (0.16.0)
      ms_rest_azure (~> 0.10.0)
    azure_cognitiveservices_face (0.16.0)
      ms_rest_azure (~> 0.10.0)
    azure_cognitiveservices_imagesearch (0.16.0)
      ms_rest_azure (~> 0.10.0)
    azure_cognitiveservices_newssearch (0.16.0)
      ms_rest_azure (~> 0.10.0)
    azure_cognitiveservices_spellcheck (0.16.0)
      ms_rest_azure (~> 0.10.0)
    azure_cognitiveservices_textanalytics (0.16.0)
      ms_rest_azure (~> 0.10.0)
    azure_cognitiveservices_videosearch (0.16.0)
      ms_rest_azure (~> 0.10.0)
    azure_cognitiveservices_websearch (0.16.0)
      ms_rest_azure (~> 0.10.0)
    azure_event_grid (0.16.0)
      ms_rest_azure (~> 0.10.0)
    azure_graph_rbac (0.16.0)
      ms_rest_azure (~> 0.10.0)
    azure_mgmt_analysis_services (0.16.0)
      ms_rest_azure (~> 0.10.0)
    azure_mgmt_api_management (0.16.0)
      ms_rest_azure (~> 0.10.0)
    azure_mgmt_authorization (0.16.0)
      ms_rest_azure (~> 0.10.0)
    azure_mgmt_automation (0.16.0)
      ms_rest_azure (~> 0.10.0)
    azure_mgmt_batch (0.16.0)
      ms_rest_azure (~> 0.10.0)
    azure_mgmt_billing (0.16.0)
      ms_rest_azure (~> 0.10.0)
    azure_mgmt_cdn (0.16.0)
      ms_rest_azure (~> 0.10.0)
    azure_mgmt_cognitive_services (0.16.0)
      ms_rest_azure (~> 0.10.0)
    azure_mgmt_commerce (0.16.0)
      ms_rest_azure (~> 0.10.0)
    azure_mgmt_compute (0.16.0)
      ms_rest_azure (~> 0.10.1)
    azure_mgmt_consumption (0.16.0)
      ms_rest_azure (~> 0.10.0)
    azure_mgmt_container_instance (0.16.0)
      ms_rest_azure (~> 0.10.0)
    azure_mgmt_container_registry (0.16.0)
      ms_rest_azure (~> 0.10.0)
    azure_mgmt_container_service (0.16.0)
      ms_rest_azure (~> 0.10.0)
    azure_mgmt_customer_insights (0.16.0)
      ms_rest_azure (~> 0.10.0)
    azure_mgmt_datalake_analytics (0.16.0)
      ms_rest_azure (~> 0.10.0)
    azure_mgmt_datalake_store (0.16.0)
      ms_rest_azure (~> 0.10.0)
    azure_mgmt_devtestlabs (0.16.0)
      ms_rest_azure (~> 0.10.0)
    azure_mgmt_dns (0.16.1)
      ms_rest_azure (~> 0.10.0)
    azure_mgmt_event_grid (0.16.0)
      ms_rest_azure (~> 0.10.0)
    azure_mgmt_event_hub (0.16.0)
      ms_rest_azure (~> 0.10.0)
    azure_mgmt_features (0.16.0)
      ms_rest_azure (~> 0.10.0)
    azure_mgmt_iot_hub (0.16.0)
      ms_rest_azure (~> 0.10.0)
    azure_mgmt_key_vault (0.16.0)
      ms_rest_azure (~> 0.10.0)
    azure_mgmt_links (0.16.0)
      ms_rest_azure (~> 0.10.0)
    azure_mgmt_locks (0.16.0)
      ms_rest_azure (~> 0.10.0)
    azure_mgmt_logic (0.16.0)
      ms_rest_azure (~> 0.10.0)
    azure_mgmt_machine_learning (0.16.0)
      ms_rest_azure (~> 0.10.0)
    azure_mgmt_managed_applications (0.16.0)
      ms_rest_azure (~> 0.10.0)
    azure_mgmt_marketplace_ordering (0.16.0)
      ms_rest_azure (~> 0.10.0)
    azure_mgmt_media_services (0.16.0)
      ms_rest_azure (~> 0.10.0)
    azure_mgmt_mobile_engagement (0.16.0)
      ms_rest_azure (~> 0.10.0)
    azure_mgmt_monitor (0.16.0)
      ms_rest_azure (~> 0.10.0)
    azure_mgmt_msi (0.16.0)
      ms_rest_azure (~> 0.10.0)
    azure_mgmt_network (0.16.0)
      ms_rest_azure (~> 0.10.0)
    azure_mgmt_notification_hubs (0.16.0)
      ms_rest_azure (~> 0.10.0)
    azure_mgmt_operational_insights (0.16.0)
      ms_rest_azure (~> 0.10.0)
    azure_mgmt_policy (0.16.0)
      ms_rest_azure (~> 0.10.0)
    azure_mgmt_powerbi_embedded (0.16.0)
      ms_rest_azure (~> 0.10.0)
    azure_mgmt_recovery_services (0.16.0)
      ms_rest_azure (~> 0.10.0)
    azure_mgmt_recovery_services_backup (0.16.0)
      ms_rest_azure (~> 0.10.0)
    azure_mgmt_recovery_services_site_recovery (0.16.0)
      ms_rest_azure (~> 0.10.0)
    azure_mgmt_redis (0.16.0)
      ms_rest_azure (~> 0.10.0)
    azure_mgmt_relay (0.16.0)
      ms_rest_azure (~> 0.10.0)
    azure_mgmt_resources (0.16.0)
      ms_rest_azure (~> 0.10.0)
    azure_mgmt_resources_management (0.16.0)
      ms_rest_azure (~> 0.10.0)
    azure_mgmt_scheduler (0.16.0)
      ms_rest_azure (~> 0.10.0)
    azure_mgmt_search (0.16.0)
      ms_rest_azure (~> 0.10.0)
    azure_mgmt_server_management (0.16.0)
      ms_rest_azure (~> 0.10.0)
    azure_mgmt_service_bus (0.16.0)
      ms_rest_azure (~> 0.10.0)
    azure_mgmt_service_fabric (0.16.0)
      ms_rest_azure (~> 0.10.0)
    azure_mgmt_sql (0.16.0)
      ms_rest_azure (~> 0.10.0)
    azure_mgmt_stor_simple8000_series (0.16.0)
      ms_rest_azure (~> 0.10.0)
    azure_mgmt_storage (0.16.0)
      ms_rest_azure (~> 0.10.0)
    azure_mgmt_stream_analytics (0.16.0)
      ms_rest_azure (~> 0.10.0)
    azure_mgmt_subscriptions (0.16.0)
      ms_rest_azure (~> 0.10.0)
    azure_mgmt_traffic_manager (0.16.0)
      ms_rest_azure (~> 0.10.0)
    azure_mgmt_web (0.16.0)
      ms_rest_azure (~> 0.10.0)
    azure_sdk (0.16.3)
      azure-storage (~> 0.14.0.preview)
      azure_cognitiveservices_computervision (~> 0.16.0)
      azure_cognitiveservices_contentmoderator (~> 0.16.0)
      azure_cognitiveservices_customsearch (~> 0.16.0)
      azure_cognitiveservices_entitysearch (~> 0.16.0)
      azure_cognitiveservices_face (~> 0.16.0)
      azure_cognitiveservices_imagesearch (~> 0.16.0)
      azure_cognitiveservices_newssearch (~> 0.16.0)
      azure_cognitiveservices_spellcheck (~> 0.16.0)
      azure_cognitiveservices_textanalytics (~> 0.16.0)
      azure_cognitiveservices_videosearch (~> 0.16.0)
      azure_cognitiveservices_websearch (~> 0.16.0)
      azure_event_grid (~> 0.16.0)
      azure_graph_rbac (~> 0.16.0)
      azure_mgmt_analysis_services (~> 0.16.0)
      azure_mgmt_api_management (~> 0.16.0)
      azure_mgmt_authorization (~> 0.16.0)
      azure_mgmt_automation (~> 0.16.0)
      azure_mgmt_batch (~> 0.16.0)
      azure_mgmt_billing (~> 0.16.0)
      azure_mgmt_cdn (~> 0.16.0)
      azure_mgmt_cognitive_services (~> 0.16.0)
      azure_mgmt_commerce (~> 0.16.0)
      azure_mgmt_compute (~> 0.16.0)
      azure_mgmt_consumption (~> 0.16.0)
      azure_mgmt_container_instance (~> 0.16.0)
      azure_mgmt_container_registry (~> 0.16.0)
      azure_mgmt_container_service (~> 0.16.0)
      azure_mgmt_customer_insights (~> 0.16.0)
      azure_mgmt_datalake_analytics (~> 0.16.0)
      azure_mgmt_datalake_store (~> 0.16.0)
      azure_mgmt_devtestlabs (~> 0.16.0)
      azure_mgmt_dns (~> 0.16.1)
      azure_mgmt_event_grid (~> 0.16.0)
      azure_mgmt_event_hub (~> 0.16.0)
      azure_mgmt_features (~> 0.16.0)
      azure_mgmt_iot_hub (~> 0.16.0)
      azure_mgmt_key_vault (~> 0.16.0)
      azure_mgmt_links (~> 0.16.0)
      azure_mgmt_locks (~> 0.16.0)
      azure_mgmt_logic (~> 0.16.0)
      azure_mgmt_machine_learning (~> 0.16.0)
      azure_mgmt_managed_applications (~> 0.16.0)
      azure_mgmt_marketplace_ordering (~> 0.16.0)
      azure_mgmt_media_services (~> 0.16.0)
      azure_mgmt_mobile_engagement (~> 0.16.0)
      azure_mgmt_monitor (~> 0.16.0)
      azure_mgmt_msi (~> 0.16.0)
      azure_mgmt_network (~> 0.16.0)
      azure_mgmt_notification_hubs (~> 0.16.0)
      azure_mgmt_operational_insights (~> 0.16.0)
      azure_mgmt_policy (~> 0.16.0)
      azure_mgmt_powerbi_embedded (~> 0.16.0)
      azure_mgmt_recovery_services (~> 0.16.0)
      azure_mgmt_recovery_services_backup (~> 0.16.0)
      azure_mgmt_recovery_services_site_recovery (~> 0.16.0)
      azure_mgmt_redis (~> 0.16.0)
      azure_mgmt_relay (~> 0.16.0)
      azure_mgmt_resources (~> 0.16.0)
      azure_mgmt_resources_management (~> 0.16.0)
      azure_mgmt_scheduler (~> 0.16.0)
      azure_mgmt_search (~> 0.16.0)
      azure_mgmt_server_management (~> 0.16.0)
      azure_mgmt_service_bus (~> 0.16.0)
      azure_mgmt_service_fabric (~> 0.16.0)
      azure_mgmt_sql (~> 0.16.0)
      azure_mgmt_stor_simple8000_series (~> 0.16.0)
      azure_mgmt_storage (~> 0.16.0)
      azure_mgmt_stream_analytics (~> 0.16.0)
      azure_mgmt_subscriptions (~> 0.16.0)
      azure_mgmt_traffic_manager (~> 0.16.0)
      azure_mgmt_web (~> 0.16.0)
    concurrent-ruby (1.0.5)
    domain_name (0.5.20170404)
      unf (>= 0.0.5, < 1.0.0)
    faraday (0.14.0)
      multipart-post (>= 1.2, < 3)
    faraday-cookie_jar (0.0.6)
      faraday (>= 0.7.4)
      http-cookie (~> 1.0.0)
    faraday_middleware (0.12.2)
      faraday (>= 0.7.4, < 1.0)
    http-cookie (1.0.3)
      domain_name (~> 0.5)
    mini_portile2 (2.3.0)
    ms_rest (0.7.2)
      concurrent-ruby (~> 1.0)
      faraday (~> 0.9)
      timeliness (~> 0.3)
    ms_rest_azure (0.10.3)
      concurrent-ruby (~> 1.0)
      faraday (~> 0.9)
      faraday-cookie_jar (~> 0.0.6)
      ms_rest (~> 0.7.2)
    multipart-post (2.0.0)
    nokogiri (1.8.2)
      mini_portile2 (~> 2.3.0)
    timeliness (0.3.8)
    unf (0.1.4)
      unf_ext
    unf_ext (0.0.7.5)

PLATFORMS
  ruby

DEPENDENCIES
  azure_mgmt_api_management (~> 0.16.0)
  azure_sdk (~> 0.16.3)

BUNDLED WITH
   1.16.1
